GEM
  remote: http://rubygems.org/
  specs:
    chunky_png (1.2.5)
    coffee-script (2.2.0)
      coffee-script-source
      execjs
    coffee-script-source (1.2.0)
    compass (0.12.rc.0)
      chunky_png (~> 1.2)
      fssm (>= 0.2.7)
      sass (~> 3.1)
    execjs (1.3.0)
      multi_json (~> 1.0)
    fssm (0.2.8.1)
    git (1.2.5)
    jeweler (1.8.3)
      bundler (~> 1.0)
      git (>= 1.2.5)
      rake
      rdoc
    json (1.6.5)
    multi_json (1.1.0)
    oyster (0.9.5)
    packr (3.1.1)
      oyster (>= 0.9.5)
    rake (0.9.2.2)
    rdoc (3.12)
      json (~> 1.4)
    sass (3.1.15)
    uglifier (1.2.3)
      execjs (>= 0.3.0)
      multi_json (>= 1.0.2)

PLATFORMS
  ruby

DEPENDENCIES
  bundler (~> 1.0.0)
  coffee-script
  compass (= 0.12.rc.0)
  fssm
  jeweler (~> 1.8.3)
  packr
  uglifier
