GEM
  specs:
    chunky_png (1.2.5)
    coffee-script (2.2.0)
      coffee-script-source
      execjs
    coffee-script-source (1.1.3)
    compass (0.11.5)
      chunky_png (~> 1.2)
      fssm (>= 0.2.7)
      sass (~> 3.1)
    execjs (1.2.9)
      multi_json (~> 1.0)
    fssm (0.2.7)
    multi_json (1.0.4)
    oyster (0.9.5)
    packr (3.1.1)
      oyster (>= 0.9.5)
    sass (3.1.11)
    sass-capucine (0.0.1)
      compass
    term-ansicolor (1.0.7)
    uglifier (1.1.0)
      execjs (>= 0.3.0)
      multi_json (>= 1.0.2)
    zip (2.0.2)

PLATFORMS
  ruby

DEPENDENCIES
  coffee-script
  compass
  fssm
  packr
  sass
  sass-capucine
  term-ansicolor
  uglifier
  zip
